GEM
  remote: https://rubygems.org/
  specs:
    bson (4.3.0)
    bson_ext (1.5.1)
    ffi (1.9.25-x86-mingw32)
    httparty (0.16.2)
      multi_xml (>= 0.5.2)
    mongo (2.6.2)
      bson (>= 4.3.0, < 5.0.0)
    multi_xml (0.6.0)
    pg (1.1.3-x86-mingw32)
    rack (2.0.5)
    rb-fsevent (0.10.3)
    rb-inotify (0.9.10)
      ffi (>= 0.5.0, < 2)
    sass (3.5.7)
      sass-listen (~> 4.0.0)
    sass-listen (4.0.0)
      rb-fsevent (~> 0.9, >= 0.9.4)
      rb-inotify (~> 0.9, >= 0.9.7)

PLATFORMS
  x86-mingw32

DEPENDENCIES
  bson_ext
  httparty
  mongo
  pg
  rack
  sass

BUNDLED WITH
   1.16.2
