GEM
  remote: https://rubygems.org/
  specs:
    bson (4.3.0)
    bson_ext (1.5.1)
    httparty (0.16.2)
      multi_xml (>= 0.5.2)
    mongo (2.6.2)
      bson (>= 4.3.0, < 5.0.0)
    multi_xml (0.6.0)
    pg (1.1.3-x86-mingw32)
    rack (2.0.5)

PLATFORMS
  x86-mingw32

DEPENDENCIES
  bson_ext
  httparty
  mongo
  pg
  rack

BUNDLED WITH
   1.16.2
