GEM
  remote: https://rubygems.org/
  specs:
    httparty (0.16.2)
      multi_xml (>= 0.5.2)
    multi_xml (0.6.0)
    pg (1.1.3-x86-mingw32)
    rack (2.0.5)

PLATFORMS
  x86-mingw32

DEPENDENCIES
  httparty
  pg
  rack

BUNDLED WITH
   1.16.2
