GEM
  remote: https://rubygems.org/
  specs:
    pg (1.1.3-x86-mingw32)

PLATFORMS
  x86-mingw32

DEPENDENCIES
  pg!

BUNDLED WITH
   1.16.2
